GIT
  remote: git://github.com/matehat/sprockets.git
  revision: d735656f746b3bd20429c61bd362dbc402c9fb3e
  specs:
    sprockets (1.0.2)

PATH
  remote: .
  specs:
    rrd-grapher (0.1)
      i18n
      rest-client (~> 1.6.3)
      rrd-ffi (~> 0.2.7)
      sass (~> 3.1.5)
      sinatra (~> 1.2.6)

GEM
  remote: http://rubygems.org/
  specs:
    activesupport (3.0.9)
    addressable (2.2.6)
    bacon (1.1.0)
    childprocess (0.2.0)
      ffi (~> 1.0.6)
    coffee-script (2.2.0)
      coffee-script-source
      execjs
    coffee-script-source (1.1.2)
    diff-lcs (1.1.2)
    em-websocket (0.3.1)
      addressable (>= 2.1.1)
      eventmachine (>= 0.12.9)
    eventmachine (0.12.10)
    execjs (1.2.4)
      multi_json (~> 1.0)
    ffi (1.0.9)
    growl (1.0.3)
    guard (0.5.1)
      thor (~> 0.14.6)
    guard-coffeescript (0.3.2)
      coffee-script (>= 2.2.0)
      guard (>= 0.4)
    guard-livereload (0.2.1)
      em-websocket (>= 0.2.0)
      guard (>= 0.4.0)
      json (>= 1.5.1)
    guard-sprockets (0.1.4)
      guard (>= 0.2.2)
      sprockets
    i18n (0.6.0)
    jasmine (1.0.2.1)
      json_pure (>= 1.4.3)
      rack (>= 1.1)
      rspec (>= 1.3.1)
      selenium-webdriver (>= 0.1.3)
    json (1.5.3)
    json_pure (1.5.3)
    libv8 (3.3.10.2)
    mime-types (1.16)
    mocha (0.9.12)
    multi_json (1.0.3)
    rack (1.3.2)
    rake (0.9.2)
    rb-fsevent (0.4.0)
    rest-client (1.6.3)
      mime-types (>= 1.16)
    rrd-ffi (0.2.7)
      activesupport
      ffi
    rspec (2.6.0)
      rspec-core (~> 2.6.0)
      rspec-expectations (~> 2.6.0)
      rspec-mocks (~> 2.6.0)
    rspec-core (2.6.4)
    rspec-expectations (2.6.0)
      diff-lcs (~> 1.1.2)
    rspec-mocks (2.6.0)
    rubyzip (0.9.4)
    sass (3.1.7)
    selenium-webdriver (2.3.2)
      childprocess (>= 0.1.9)
      ffi (>= 1.0.7)
      json_pure
      rubyzip
    simplecov (0.4.2)
      simplecov-html (~> 0.4.4)
    simplecov-html (0.4.5)
    sinatra (1.2.6)
      rack (~> 1.1)
      tilt (< 2.0, >= 1.2.2)
    therubyracer (0.9.2)
      libv8 (~> 3.3.10)
    thor (0.14.6)
    tilt (1.3.2)

PLATFORMS
  ruby

DEPENDENCIES
  bacon (~> 1.1.0)
  coffee-script (~> 2.2.0)
  growl
  guard-coffeescript (~> 0.3.2)
  guard-livereload (~> 0.2.1)
  guard-sprockets (~> 0.1.4)
  jasmine (~> 1.0.2.1)
  mocha (~> 0.9.12)
  rake
  rb-fsevent
  rrd-grapher!
  simplecov (~> 0.4.2)
  sprockets!
  therubyracer (~> 0.9.2)
