PATH
  remote: /Users/schmurfy/Dev/personal/rrd-grapher
  specs:
    rrd-grapher (0.1)
      i18n
      rest-client (~> 1.6.3)
      rrd-ffi (~> 0.2.7)
      sass (~> 3.1.5)
      sinatra (~> 1.2.6)

GEM
  specs:
    activesupport (3.0.9)
    coffee-script (2.2.0)
      coffee-script-source
      execjs
    coffee-script-source (1.1.1)
    execjs (1.2.1)
      multi_json (~> 1.0)
    ffi (1.0.9)
    guard (0.5.1)
      thor (~> 0.14.6)
    guard-coffeescript (0.3.2)
      coffee-script (>= 2.2.0)
      guard (>= 0.4)
    haml (3.1.2)
    i18n (0.6.0)
    mime-types (1.16)
    multi_json (1.0.3)
    rack (1.3.2)
    rest-client (1.6.3)
      mime-types (>= 1.16)
    rrd-ffi (0.2.7)
      activesupport
      ffi
    sass (3.1.5)
    sinatra (1.2.6)
      rack (~> 1.1)
      tilt (< 2.0, >= 1.2.2)
    sinatra-content-for (0.2)
      sinatra
    thor (0.14.6)
    tilt (1.3.2)

PLATFORMS
  ruby

DEPENDENCIES
  guard-coffeescript
  haml
  rrd-grapher!
  sinatra
  sinatra-content-for
